GEM
  remote: https://rubygems.org/
  specs:
    activesupport (3.2.19)
      i18n (~> 0.6, >= 0.6.4)
      multi_json (~> 1.0)
    builder (3.2.2)
    cdq (0.1.10)
      motion-yaml
      ruby-xcdm (~> 0.0, >= 0.0.7)
    i18n (0.6.11)
    motion-pixatefreestyle (2.1)
      sass
    motion-yaml (1.2.1)
    multi_json (1.10.1)
    plist (3.1.0)
    rake (10.3.2)
    ruby-xcdm (0.0.7)
      activesupport (~> 3.2)
      builder (~> 3.2)
      plist (~> 3.1)
    sass (3.4.2)

PLATFORMS
  ruby

DEPENDENCIES
  cdq
  motion-pixatefreestyle
  rake
