GEM
  remote: https://rubygems.org/
  specs:
    motion-pixatefreestyle (2.1)
      sass
    rake (10.3.2)
    sass (3.4.2)

PLATFORMS
  ruby

DEPENDENCIES
  motion-pixatefreestyle
  rake
